GEM
  remote: http://rubygems.org/
  specs:
    json (1.8.0)
    net-ssh (2.7.0)
    mini_portile (0.5.2)
      mini_portile (~> 0.5.0)
    nokogiri (1.6.1)
    slop (3.5.0)

PLATFORMS
  ruby

DEPENDENCIES
  json
  net-ssh
  nokogiri
  slop
